GEM
  remote: http://rubygems.org/
  specs:
    backports (2.6.2)
    builder (3.0.0)
    daemons (1.1.8)
    eventmachine (0.12.10)
    haml (3.1.6)
    httpclient (2.2.5)
    json (1.7.4)
    markaby (0.7.2)
      builder (>= 2.0.0)
    maruku (0.6.0)
      syntax (>= 1.0.0)
    nokogiri (1.5.5)
    rack (1.4.1)
    rack-protection (1.2.0)
      rack
    rack-test (0.6.1)
      rack (>= 1.0)
    sass (3.1.20)
    scraperwiki (1.0.1)
      httpclient
      json
    sequel (3.38.0)
    sinatra (1.3.2)
      rack (~> 1.3, >= 1.3.6)
      rack-protection (~> 1.2)
      tilt (~> 1.3, >= 1.3.3)
    sinatra-contrib (1.3.1)
      backports (>= 2.0)
      eventmachine
      rack-protection
      rack-test
      sinatra (~> 1.3.0)
      tilt (~> 1.3)
    sinatra-sequel (0.9.0)
      sequel (>= 3.2.0)
      sinatra (>= 0.9.4)
    sqlite3 (1.3.6)
    syntax (1.0.0)
    thin (1.4.1)
      daemons (>= 1.0.9)
      eventmachine (>= 0.12.6)
      rack (>= 1.0.0)
    tilt (1.3.3)

PLATFORMS
  ruby

DEPENDENCIES
  haml
  httpclient
  json
  markaby
  maruku
  nokogiri
  sass
  scraperwiki
  sequel
  sinatra
  sinatra-contrib
  sinatra-sequel
  sqlite3
  thin
